PATH
  remote: .
  specs:
    oop-workshop (0.1.0)
      dry-container
      forecast_io
      geocoder
      sinatra
      thor

GEM
  remote: https://rubygems.org/
  specs:
    addressable (2.5.2)
      public_suffix (>= 2.0.2, < 4.0)
    concurrent-ruby (1.0.5)
    crack (0.4.3)
      safe_yaml (~> 1.0.0)
    diff-lcs (1.3)
    dry-configurable (0.7.0)
      concurrent-ruby (~> 1.0)
    dry-container (0.6.0)
      concurrent-ruby (~> 1.0)
      dry-configurable (~> 0.1, >= 0.1.3)
    faraday (0.15.2)
      multipart-post (>= 1.2, < 3)
    forecast_io (2.0.2)
      faraday
      hashie
      multi_json
    geocoder (1.5.0)
    hashdiff (0.3.7)
    hashie (3.6.0)
    multi_json (1.13.1)
    multipart-post (2.0.0)
    mustermann (1.0.3)
    power_assert (1.1.3)
    public_suffix (3.0.3)
    rack (2.0.5)
    rack-protection (2.0.4)
      rack
    rake (10.5.0)
    rspec (3.8.0)
      rspec-core (~> 3.8.0)
      rspec-expectations (~> 3.8.0)
      rspec-mocks (~> 3.8.0)
    rspec-core (3.8.0)
      rspec-support (~> 3.8.0)
    rspec-expectations (3.8.1)
      diff-lcs (>= 1.2.0, < 2.0)
      rspec-support (~> 3.8.0)
    rspec-mocks (3.8.0)
      diff-lcs (>= 1.2.0, < 2.0)
      rspec-support (~> 3.8.0)
    rspec-power_assert (1.1.0)
      power_assert (~> 1.1.0)
      rspec (>= 2.14)
    rspec-support (3.8.0)
    safe_yaml (1.0.4)
    sinatra (2.0.4)
      mustermann (~> 1.0)
      rack (~> 2.0)
      rack-protection (= 2.0.4)
      tilt (~> 2.0)
    thor (0.20.0)
    tilt (2.0.8)
    webmock (3.4.2)
      addressable (>= 2.3.6)
      crack (>= 0.3.2)
      hashdiff

PLATFORMS
  ruby

DEPENDENCIES
  bundler (~> 1.16)
  oop-workshop!
  rake (~> 10.0)
  rspec (~> 3.8)
  rspec-power_assert
  webmock

BUNDLED WITH
   1.16.4
